GIT
  remote: git://github.com/jmettraux/ruote.git
  revision: 5dd2be206313ed56463b2a16ff869f45fabff460
  specs:
    ruote (2.2.1)
      parslet (= 1.2.0)
      rufus-cloche (>= 1.0.1)
      rufus-dollar (>= 1.0.4)
      rufus-json (>= 1.0.0)
      rufus-mnemo (>= 1.1.0)
      rufus-scheduler (>= 2.0.9)
      rufus-treechecker (>= 1.0.6)
      sourcify (= 0.5.0)

GIT
  remote: git://github.com/kennethkalmer/ruote-amqp.git
  revision: 4ebaa27934a3181a5899cb035b60821bdc959d47
  specs:
    ruote-amqp (2.2.0)
      amqp (= 0.7.0)
      ruote (>= 2.2.0)

GEM
  remote: http://rubygems.org/
  specs:
    amqp (0.7.0)
      eventmachine (>= 0.12.4)
    blankslate (2.1.2.4)
    daemon-kit (0.1.8.1)
      eventmachine (>= 0.12.10)
    eventmachine (0.12.10)
    file-tail (1.0.5)
      spruz (>= 0.1.0)
    json (1.2.3)
    parslet (1.2.0)
      blankslate (~> 2.0)
    rspec (1.3.0)
    ruby2ruby (1.2.5)
      ruby_parser (~> 2.0)
      sexp_processor (~> 3.0)
    ruby_parser (2.0.6)
      sexp_processor (~> 3.0)
    rufus-cloche (1.0.1)
      rufus-json (>= 0.2.7)
    rufus-dollar (1.0.4)
    rufus-json (1.0.0)
    rufus-mnemo (1.2.0)
    rufus-scheduler (2.0.9)
      tzinfo (>= 0.3.23)
    rufus-treechecker (1.0.6)
      ruby_parser (>= 2.0.5)
    sexp_processor (3.0.5)
    sourcify (0.5.0)
      file-tail (>= 1.0.5)
      ruby2ruby (>= 1.2.5)
      ruby_parser (>= 2.0.5)
      sexp_processor (>= 3.0.5)
    spruz (0.2.7)
    tzinfo (0.3.27)
    yajl-ruby (0.7.7)

PLATFORMS
  ruby

DEPENDENCIES
  daemon-kit
  json
  rspec
  ruote!
  ruote-amqp!
  yajl-ruby
