GEM
  remote: http://rubygems.org/
  specs:
    amqp (0.6.7)
      eventmachine (>= 0.12.4)
    daemon-kit (0.1.8.1)
      eventmachine (>= 0.12.10)
    eventmachine (0.12.10)
    json (1.2.3)

PLATFORMS
  ruby

DEPENDENCIES
  amqp
  daemon-kit
  json
